PATH
  remote: .
  specs:
    vimmer (0.0.1)
      thor

GEM
  remote: http://rubygems.org/
  specs:
    aruba (0.2.4)
      background_process
      cucumber (~> 0.9.3)
    background_process (1.2)
    builder (2.1.2)
    cucumber (0.9.4)
      builder (~> 2.1.2)
      diff-lcs (~> 1.1.2)
      gherkin (~> 2.2.9)
      json (~> 1.4.6)
      term-ansicolor (~> 1.0.5)
    diff-lcs (1.1.2)
    gherkin (2.2.9)
      json (~> 1.4.6)
      term-ansicolor (~> 1.0.5)
    json (1.4.6)
    rr (1.0.2)
    rspec (2.0.1)
      rspec-core (~> 2.0.1)
      rspec-expectations (~> 2.0.1)
      rspec-mocks (~> 2.0.1)
    rspec-core (2.0.1)
    rspec-expectations (2.0.1)
      diff-lcs (>= 1.1.2)
    rspec-mocks (2.0.1)
      rspec-core (~> 2.0.1)
      rspec-expectations (~> 2.0.1)
    term-ansicolor (1.0.5)
    thor (0.14.4)

PLATFORMS
  ruby

DEPENDENCIES
  aruba
  bundler (>= 1.0.0)
  cucumber
  rr
  rspec (~> 2.0.0)
  thor
  vimmer!
